PATH
  remote: .
  specs:
    fastbill (0.0.1)
      excon
      hashie
      jruby-openssl
      json

GEM
  remote: https://rubygems.org/
  specs:
    bouncy-castle-java (1.5.0146.1)
    excon (0.16.10)
    hashie (2.0.0)
    jruby-openssl (0.8.2)
      bouncy-castle-java (>= 1.5.0146.1)
    json (1.7.7)
    json (1.7.7-java)
    minitest (2.12.1)
    rake (0.9.2.2)

PLATFORMS
  java
  ruby

DEPENDENCIES
  fastbill!
  minitest
  rake
